GEM
  remote: https://rubygems.org/
  specs:
    colorize (0.7.5)
    fast-stemmer (1.0.2)
    gnuplot (2.6.2)
    htmlentities (4.3.3)
    mini_portile (0.6.2)
    nokogiri (1.6.6.2)
      mini_portile (~> 0.6.0)
    ruby-graphviz (1.2.1)
    unicode (0.4.4.2)

PLATFORMS
  ruby

DEPENDENCIES
  colorize
  fast-stemmer
  gnuplot
  htmlentities
  nokogiri
  ruby-graphviz
  unicode
