GEM
  remote: https://rubygems.org/
  specs:
    activesupport (6.1.7.1)
      concurrent-ruby (~> 1.0, >= 1.0.2)
      i18n (>= 1.6, < 2)
      minitest (>= 5.1)
      tzinfo (~> 2.0)
      zeitwerk (~> 2.3)
    colorize (0.8.1)
    concurrent-ruby (1.1.10)
    fast-stemmer (1.0.2)
    gnuplot (2.6.2)
    htmlentities (4.3.4)
    i18n (1.12.0)
      concurrent-ruby (~> 1.0)
    mini_portile2 (2.4.0)
    minitest (5.17.0)
    mustermann (1.0.3)
    nokogiri (1.10.8)
      mini_portile2 (~> 2.4.0)
    rack (2.0.8)
    rack-protection (2.0.7)
      rack
    ruby-graphviz (1.2.4)
    sinatra (2.0.7)
      mustermann (~> 1.0)
      rack (~> 2.0)
      rack-protection (= 2.0.7)
      tilt (~> 2.0)
    tilt (2.0.10)
    tzinfo (2.0.5)
      concurrent-ruby (~> 1.0)
    unicode (0.4.4.4)
    zeitwerk (2.6.6)

PLATFORMS
  ruby

DEPENDENCIES
  activesupport
  colorize
  fast-stemmer
  gnuplot
  htmlentities
  nokogiri
  ruby-graphviz
  sinatra
  unicode
