GEM
  remote: https://rubygems.org/
  specs:
    colorize (0.7.5)
    gnuplot (2.6.2)
    graphviz (0.1.0)
    htmlentities (4.3.3)
    mini_portile (0.6.2)
    nokogiri (1.6.6.2)
      mini_portile (~> 0.6.0)
    unicode (0.4.4.2)

PLATFORMS
  ruby

DEPENDENCIES
  colorize
  gnuplot
  graphviz
  htmlentities
  nokogiri
  unicode
